Brain Vision Data Exchange Header File Version 1.0
; Data created by the Vision Recorder

[Common Infos]
Codepage=UTF-8
DataFile=gonogo1.eeg
MarkerFile=gonogo1.vmrk
DataFormat=BINARY
; Data orientation: MULTIPLEXED=ch1,pt1, ch2,pt1 ...
DataOrientation=MULTIPLEXED
NumberOfChannels=30
; Sampling interval in microseconds
SamplingInterval=1000

[Binary Infos]
BinaryFormat=INT_16

[Channel Infos]
; Each entry: Ch<Channel number>=<Name>,<Reference channel name>,
; <Resolution in "Unit">,<Unit>, Future extensions..
; Fields are delimited by commas, some fields might be omitted (empty).
; Commas in channel names are coded as "\1".
Ch1=FP1,,0.1,µV
Ch2=AFF5,,0.1,µV
Ch3=AFz,,0.1,µV
Ch4=F1,,0.1,µV
Ch5=FC5,,0.1,µV
Ch6=FC1,,0.1,µV
Ch7=T7,,0.1,µV
Ch8=C3,,0.1,µV
Ch9=Cz,,0.1,µV
Ch10=CP5,,0.1,µV
Ch11=CP1,,0.1,µV
Ch12=P7,,0.1,µV
Ch13=P3,,0.1,µV
Ch14=Pz,,0.1,µV
Ch15=POz,,0.1,µV
Ch16=O1,,0.1,µV
Ch17=FP2,,0.1,µV
Ch18=AFF6,,0.1,µV
Ch19=F2,,0.1,µV
Ch20=FC2,,0.1,µV
Ch21=FC6,,0.1,µV
Ch22=C4,,0.1,µV
Ch23=T8,,0.1,µV
Ch24=CP2,,0.1,µV
Ch25=CP6,,0.1,µV
Ch26=P4,,0.1,µV
Ch27=P8,,0.1,µV
Ch28=O2,,0.1,µV
Ch29=HEOG,,0.1,µV
Ch30=VEOG,,0.1,µV

[Comment]

A m p l i f i e r  S e t u p
============================
Number of channels: 30
Sampling Rate [Hz]: 1000
Sampling Interval [µS]: 1000

Channels
--------
#     Name      Phys. Chn.    Resolution / Unit   Low Cutoff [s]   High Cutoff [Hz]   Notch [Hz]    Series Res. [kOhm] Gradient         Offset
1     FP1         1                0.1 µV             10              250              Off                0                 
2     AFF5        2                0.1 µV             10              250              Off                0                 
3     AFz         3                0.1 µV             10              250              Off                0                 
4     F1          4                0.1 µV             10              250              Off                0                 
5     FC5         5                0.1 µV             10              250              Off                0                 
6     FC1         6                0.1 µV             10              250              Off                0                 
7     T7          7                0.1 µV             10              250              Off                0                 
8     C3          8                0.1 µV             10              250              Off                0                 
9     Cz          9                0.1 µV             10              250              Off                0                 
10    CP5         10               0.1 µV             10              250              Off                0                 
11    CP1         11               0.1 µV             10              250              Off                0                 
12    P7          12               0.1 µV             10              250              Off                0                 
13    P3          13               0.1 µV             10              250              Off                0                 
14    Pz          14               0.1 µV             10              250              Off                0                 
15    POz         15               0.1 µV             10              250              Off                0                 
16    O1          16               0.1 µV             10              250              Off                0                 
17    FP2         17               0.1 µV             10              250              Off                0                 
18    AFF6        18               0.1 µV             10              250              Off                0                 
19    F2          19               0.1 µV             10              250              Off                0                 
20    FC2         20               0.1 µV             10              250              Off                0                 
21    FC6         21               0.1 µV             10              250              Off                0                 
22    C4          22               0.1 µV             10              250              Off                0                 
23    T8          23               0.1 µV             10              250              Off                0                 
24    CP2         24               0.1 µV             10              250              Off                0                 
25    CP6         25               0.1 µV             10             1000              Off                0                 
26    P4          26               0.1 µV             10             1000              Off                0                 
27    P8          27               0.1 µV             10             1000              Off                0                 
28    O2          28               0.1 µV             10             1000              Off                0                 
29    HEOG        33               0.1 µV             10             1000              Off                0                 
30    VEOG        34               0.1 µV             10             1000              Off                0                 

S o f t w a r e  F i l t e r s
==============================
Disabled


Impedances Imported from actiCAP Control Software:
Impedance [kOhm] at 10:28:56 :
FP1:          2
AFF5:         1
AFz:          2
F1:           4
FC5:          2
FC1:          7
T7:           7
C3:           2
Cz:           0
CP5:          7
CP1:          0
P7:           1
P3:           0
Pz:           0
POz:          1
O1:           0
FP2:          1
AFF6:         0
F2:           0
FC2:          1
FC6:          0
C4:           0
T8:           1
CP2:          1
CP6:          1
P4:           1
P8:           1
O2:           0
Gnd:          2
Ref:          6
